GIT
  remote: git://github.com/octopress/hooks.git
  revision: 9ec9efcbe8e2aa4d79d2a35543a29b51f3e6feb2
  specs:
    octopress-hooks (2.6.1)
      jekyll (>= 2.0)

GEM
  remote: https://rubygems.org/
  specs:
    addressable (2.4.0)
    childprocess (0.5.9)
      ffi (~> 1.0, >= 1.0.11)
    colorator (0.1)
    concurrent-ruby (1.0.0)
    execjs (2.6.0)
    exifr (1.2.4)
    fastimage (1.8.1)
      addressable (~> 2.3, >= 2.3.5)
    ffi (1.9.10)
    fspath (2.1.1)
    image_optim (0.22.0)
      exifr (~> 1.2, >= 1.2.2)
      fspath (~> 2.1)
      image_size (~> 1.3)
      in_threads (~> 1.3)
      progress (~> 3.0, >= 3.0.1)
    image_size (1.4.1)
    in_threads (1.3.1)
    iniparse (1.4.2)
    jekyll (3.0.1)
      colorator (~> 0.1)
      jekyll-sass-converter (~> 1.0)
      jekyll-watch (~> 1.1)
      kramdown (~> 1.3)
      liquid (~> 3.0)
      mercenary (~> 0.3.3)
      rouge (~> 1.7)
      safe_yaml (~> 1.0)
    jekyll-assets (2.1.2)
      fastimage (~> 1.8)
      jekyll (~> 3.0)
      sprockets (~> 3.3)
      sprockets-helpers (~> 1.2)
      tilt (~> 2.0)
    jekyll-sass-converter (1.4.0)
      sass (~> 3.4)
    jekyll-watch (1.3.0)
      listen (~> 3.0)
    json (1.8.3)
    kramdown (1.9.0)
    liquid (3.0.6)
    listen (3.0.5)
      rb-fsevent (>= 0.9.3)
      rb-inotify (>= 0.9)
    mercenary (0.3.5)
    octopress (3.0.11)
      jekyll (>= 2.0)
      mercenary (~> 0.3.2)
      octopress-deploy
      octopress-escape-code (~> 2.0)
      octopress-hooks (~> 2.0)
      redcarpet (~> 3.0)
      titlecase
    octopress-code-highlighter (4.3.0)
      jekyll (~> 3.0)
    octopress-codeblock (1.0.5)
      octopress-code-highlighter (~> 4.2)
    octopress-deploy (1.3.0)
      colorator
    octopress-escape-code (2.1.1)
      jekyll (~> 3.0)
    octopress-paginate (1.1.2)
      octopress-hooks
    overcommit (0.30.0)
      childprocess (~> 0.5.6)
      iniparse (~> 1.4)
    progress (3.1.1)
    rack (1.6.4)
    rainbow (2.0.0)
    rb-fsevent (0.9.7)
    rb-inotify (0.9.5)
      ffi (>= 0.5.0)
    redcarpet (3.3.4)
    rouge (1.10.1)
    safe_yaml (1.0.4)
    sass (3.4.21)
    scss_lint (0.43.2)
      rainbow (~> 2.0)
      sass (~> 3.4.15)
    sprockets (3.5.2)
      concurrent-ruby (~> 1.0)
      rack (> 1, < 3)
    sprockets-helpers (1.2.1)
      sprockets (>= 2.2)
    tilt (2.0.2)
    titlecase (0.1.1)
    uglifier (2.7.2)
      execjs (>= 0.3.0)
      json (>= 1.8.0)

PLATFORMS
  ruby

DEPENDENCIES
  image_optim
  jekyll-assets
  octopress
  octopress-codeblock
  octopress-hooks!
  octopress-paginate
  overcommit
  sass
  scss_lint
  uglifier

BUNDLED WITH
   1.10.6
